GEM
  remote: http://rubygems.org/
  specs:
    addressable (2.4.0)
    coffee-script (2.4.1)
      coffee-script-source
      execjs
    coffee-script-source (1.10.0)
    dm-core (1.2.1)
      addressable (~> 2.3)
    execjs (2.6.0)
    json (1.8.3)
    oauth (0.4.7)
    rack (1.6.4)
    rack-protection (1.5.3)
      rack
    rake (10.4.2)
    redis (3.2.2)
    redis-objects (1.2.1)
      redis (>= 3.0.2)
    require_all (1.3.3)
    sass (3.4.19)
    shotgun (0.9.1)
      rack (>= 1.0)
    sinatra (1.4.6)
      rack (~> 1.4)
      rack-protection (~> 1.4)
      tilt (>= 1.3, < 3)
    slim (3.0.6)
      temple (~> 0.7.3)
      tilt (>= 1.3.3, < 2.1)
    temple (0.7.6)
    tilt (2.0.1)

PLATFORMS
  ruby
  x64-mingw32

DEPENDENCIES
  coffee-script (>= 2.2.0)
  dm-core
  json
  oauth
  rake
  redis
  redis-objects
  require_all
  sass (>= 3.1.12)
  shotgun (>= 0.9)
  sinatra (>= 1.3.1)
  slim

BUNDLED WITH
   1.10.6
